PATH
  remote: .
  specs:
    response_code (1.0.0)

GEM
  remote: http://rubygems.org/
  specs:
    builder (3.2.3)
    cucumber (2.99.0)
      builder (>= 2.1.2)
      cucumber-core (~> 1.5.0)
      cucumber-wire (~> 0.0.1)
      diff-lcs (>= 1.1.3)
      gherkin (~> 4.0)
      multi_json (>= 1.7.5, < 2.0)
      multi_test (>= 0.1.2)
    cucumber-core (1.5.0)
      gherkin (~> 4.0)
    cucumber-wire (0.0.1)
    diff-lcs (1.3)
    gherkin (4.1.3)
    multi_json (1.13.1)
    multi_test (0.1.2)
    rspec-expectations (3.7.0)
      diff-lcs (>= 1.2.0, < 2.0)
      rspec-support (~> 3.7.0)
    rspec-support (3.7.1)

PLATFORMS
  ruby
  x86-mingw32

DEPENDENCIES
  cucumber (~> 2.4)
  response_code!
  rspec-expectations (~> 3.7)

BUNDLED WITH
   1.17.2
