PATH
  remote: .
  specs:
    response_code (0.2.0)

GEM
  remote: http://rubygems.org/
  specs:
    builder (3.2.3)
    byebug (10.0.2)
    coderay (1.1.2)
    cucumber (2.99.0)
      builder (>= 2.1.2)
      cucumber-core (~> 1.5.0)
      cucumber-wire (~> 0.0.1)
      diff-lcs (>= 1.1.3)
      gherkin (~> 4.0)
      multi_json (>= 1.7.5, < 2.0)
      multi_test (>= 0.1.2)
    cucumber-core (1.5.0)
      gherkin (~> 4.0)
    cucumber-wire (0.0.1)
    diff-lcs (1.3)
    gherkin (4.1.3)
    method_source (0.9.0)
    multi_json (1.13.1)
    multi_test (0.1.2)
    pry (0.11.3)
      coderay (~> 1.1.0)
      method_source (~> 0.9.0)
    pry-byebug (3.6.0)
      byebug (~> 10.0)
      pry (~> 0.10)
    rake (12.3.0)
    rspec-expectations (3.7.0)
      diff-lcs (>= 1.2.0, < 2.0)
      rspec-support (~> 3.7.0)
    rspec-support (3.7.1)

PLATFORMS
  ruby

DEPENDENCIES
  cucumber (~> 2.4)
  pry (~> 0.11)
  pry-byebug
  rake
  response_code!
  rspec-expectations

BUNDLED WITH
   1.16.1
